GEM
  remote: https://rubygems.org/
  specs:
    activesupport (3.2.13)
      i18n (= 0.6.1)
      multi_json (~> 1.0)
    builder (3.2.0)
    colored (1.2)
    cucumber (1.2.5)
      builder (>= 2.1.2)
      diff-lcs (>= 1.1.3)
      gherkin (~> 2.11.7)
      multi_json (~> 1.3)
    data_magic (0.14)
      faker (>= 1.1.2)
      yml_reader (>= 0.2)
    diff-lcs (1.2.4)
    dnssd (2.0)
    faker (1.1.2)
      i18n (~> 0.5)
    frank-cucumber (1.1.10)
      cucumber
      dnssd
      i18n
      json
      plist
      rspec (>= 2.0)
      sim_launcher (>= 0.4.6)
      thor
      xcodeproj (>= 0.5.3)
    furter (0.0.3.1)
      frank-cucumber (~> 1.1.8)
      page_navigation (>= 0.7)
    gherkin (2.11.8)
      multi_json (~> 1.3)
    i18n (0.6.1)
    json (1.7.7)
    multi_json (1.7.2)
    page_navigation (0.8)
      data_magic (>= 0.14)
    plist (3.1.0)
    rack (1.5.2)
    rack-protection (1.5.0)
      rack
    rspec (2.13.0)
      rspec-core (~> 2.13.0)
      rspec-expectations (~> 2.13.0)
      rspec-mocks (~> 2.13.0)
    rspec-core (2.13.1)
    rspec-expectations (2.13.0)
      diff-lcs (>= 1.1.3, < 2.0)
    rspec-mocks (2.13.1)
    sim_launcher (0.4.6)
      sinatra
    sinatra (1.4.2)
      rack (~> 1.5, >= 1.5.2)
      rack-protection (~> 1.4)
      tilt (~> 1.3, >= 1.3.4)
    thor (0.18.1)
    tilt (1.4.0)
    xcodeproj (0.5.5)
      activesupport (~> 3.2.13)
      colored (~> 1.2)
    yml_reader (0.2)

PLATFORMS
  ruby

DEPENDENCIES
  frank-cucumber
  furter
  multi_json
  rspec
